PATH
  remote: .
  specs:
    pulley (0.0.1)
      git (~> 1.2.6)
      methadone (~> 1.3.1)
      progress_bar (~> 1.0.0)

GEM
  remote: https://rubygems.org/
  specs:
    aruba (0.5.3)
      childprocess (>= 0.3.6)
      cucumber (>= 1.1.1)
      rspec-expectations (>= 2.7.0)
    builder (3.2.2)
    childprocess (0.3.9)
      ffi (~> 1.0, >= 1.0.11)
    cucumber (1.3.10)
      builder (>= 2.1.2)
      diff-lcs (>= 1.1.3)
      gherkin (~> 2.12)
      multi_json (>= 1.7.5, < 2.0)
      multi_test (>= 0.0.2)
    diff-lcs (1.2.5)
    fattr (2.2.1)
    ffi (1.9.3)
    gherkin (2.12.2)
      multi_json (~> 1.3)
    git (1.2.6)
    highline (1.6.20)
    json (1.8.1)
    methadone (1.3.1)
      bundler
    multi_json (1.8.2)
    multi_test (0.0.2)
    options (2.3.0)
      fattr
    progress_bar (1.0.0)
      highline (~> 1.6.1)
      options (~> 2.3.0)
    rake (0.9.6)
    rdoc (4.0.1)
      json (~> 1.4)
    rspec-expectations (2.14.4)
      diff-lcs (>= 1.1.3, < 2.0)

PLATFORMS
  ruby

DEPENDENCIES
  aruba
  bundler (~> 1.3)
  pulley!
  rake (~> 0.9.2)
  rdoc
